GIT
  remote: git://github.com/finnlabs/awesome_nested_set.git
  revision: 7bd473e845e2f17f5287e8b7534bd88d4bbbf7d6
  branch: v2.1.6-rails4
  specs:
    awesome_nested_set (2.1.6)
      activerecord (>= 3.0.0)

GIT
  remote: git://github.com/goodwill/capybara-select2.git
  revision: 585192e4bb0db8d52e761ab68f08c17294806447
  specs:
    capybara-select2 (1.0.1)
      capybara
      rspec

GIT
  remote: git://github.com/oliverguenther/omniauth.git
  revision: 8385bc0da47e4fc4f4a256c97725bcf8215d13c2
  specs:
    omniauth (1.3.1)
      hashie (>= 1.2, < 4)
      rack (>= 1.0, < 3)

GIT
  remote: git://github.com/opf/rails-angular-xss.git
  revision: 13f8443cc3e1944743cba578685904b826515177
  specs:
    rails-angular-xss (0.1.0)
      rails (>= 4.2.0, < 5.0)

GIT
  remote: git://github.com/why-el/svg-graph.git
  revision: e79abffa66639ab203d099250c5d2656a4ebf917
  branch: silence-class-access-warning
  specs:
    svg-graph (1.0.2)

GIT
  remote: https://github.com/carrierwaveuploader/carrierwave
  revision: b31f7ce006bade550be0ad946d0b993b799358e3
  branch: master
  specs:
    carrierwave (0.11.0)
      activemodel (>= 4.0.0)
      activesupport (>= 4.0.0)
      mime-types (>= 1.16)

GIT
  remote: https://github.com/finnlabs/rack-protection.git
  revision: 5a7d1bd2f05ca75faf7909c8cc978732a0080898
  ref: 5a7d1bd
  specs:
    rack-protection (1.5.2)
      rack

GIT
  remote: https://github.com/finnlabs/rspec-example_disabler.git
  revision: deb9c38e3f4e3688724583ac1ff58e1ae8aba409
  specs:
    rspec-example_disabler (0.0.1)

GIT
  remote: https://github.com/finnlabs/transactional_lock.git
  revision: 6948b1d446db0da5645e68ffeeddca1c4944c3bc
  branch: master
  specs:
    transactional_lock (0.1.0)
      activerecord (>= 4.0)

GIT
  remote: https://github.com/opf/openproject-translations.git
  revision: 387ccc998db9a066cd7195e8f694d3236ab7b36c
  branch: dev
  specs:
    openproject-translations (6.1.0)
      crowdin-api (~> 0.4.0)
      mixlib-shellout (~> 2.1.0)
      rails (~> 4.2.3)
      rest-client (~> 1.8)
      rubyzip

GIT
  remote: https://github.com/rails/prototype-rails.git
  revision: 0fed929ff48c10c3b978edd3baa983a81f404dbf
  branch: 4.2
  specs:
    prototype-rails (4.0.0)
      rails (~> 4.0)

GIT
  remote: https://github.com/rails/prototype_legacy_helper.git
  revision: a2cd95c3e3c1a4f7a9566efdab5ce59c886cb05f
  specs:
    prototype_legacy_helper (0.0.0)

GIT
  remote: https://github.com/rspec/rspec-activemodel-mocks
  revision: 14da7397f4c1f297fa9b8be3519419ba9b881577
  specs:
    rspec-activemodel-mocks (1.0.3)
      activemodel (>= 3.0)
      activesupport (>= 3.0)
      rspec-mocks (>= 2.99, < 4.0)

GEM
  remote: https://rubygems.org/
  specs:
    actionmailer (4.2.7.1)
      actionpack (= 4.2.7.1)
      actionview (= 4.2.7.1)
      activejob (= 4.2.7.1)
      mail (~> 2.5, >= 2.5.4)
      rails-dom-testing (~> 1.0, >= 1.0.5)
    actionpack (4.2.7.1)
      actionview (= 4.2.7.1)
      activesupport (= 4.2.7.1)
      rack (~> 1.6)
      rack-test (~> 0.6.2)
      rails-dom-testing (~> 1.0, >= 1.0.5)
      rails-html-sanitizer (~> 1.0, >= 1.0.2)
    actionpack-action_caching (1.1.1)
      actionpack (>= 4.0.0, < 5.0)
    actionpack-xml_parser (1.0.2)
      actionpack (>= 4.0.0, < 5)
    actionview (4.2.7.1)
      activesupport (= 4.2.7.1)
      builder (~> 3.1)
      erubis (~> 2.7.0)
      rails-dom-testing (~> 1.0, >= 1.0.5)
      rails-html-sanitizer (~> 1.0, >= 1.0.2)
    activejob (4.2.7.1)
      activesupport (= 4.2.7.1)
      globalid (>= 0.3.0)
    activemodel (4.2.7.1)
      activesupport (= 4.2.7.1)
      builder (~> 3.1)
    activerecord (4.2.7.1)
      activemodel (= 4.2.7.1)
      activesupport (= 4.2.7.1)
      arel (~> 6.0)
    activerecord-session_store (0.1.2)
      actionpack (>= 4.0.0, < 5)
      activerecord (>= 4.0.0, < 5)
      railties (>= 4.0.0, < 5)
    activerecord-tableless (1.3.4)
      activerecord (>= 2.3.0)
    activesupport (4.2.7.1)
      i18n (~> 0.7)
      json (~> 1.7, >= 1.7.7)
      minitest (~> 5.1)
      thread_safe (~> 0.3, >= 0.3.4)
      tzinfo (~> 1.1)
    acts_as_list (0.7.2)
      activerecord (>= 3.0)
    addressable (2.4.0)
    airbrake (5.1.0)
      airbrake-ruby (~> 1.1)
    airbrake-ruby (1.2.0)
    arel (6.0.3)
    ast (2.2.0)
    autoprefixer-rails (6.3.3.1)
      execjs
    awesome_print (1.6.1)
    axiom-types (0.1.1)
      descendants_tracker (~> 0.0.4)
      ice_nine (~> 0.11.0)
      thread_safe (~> 0.3, >= 0.3.1)
    binding_of_caller (0.7.2)
      debug_inspector (>= 0.0.1)
    bourbon (4.2.6)
      sass (~> 3.4)
      thor (~> 0.19)
    builder (3.2.2)
    byebug (8.2.2)
    capybara (2.6.2)
      addressable
      mime-types (>= 1.16)
      nokogiri (>= 1.3.3)
      rack (>= 1.0.0)
      rack-test (>= 0.5.4)
      xpath (~> 2.0)
    capybara-ng (0.2.2)
      awesome_print (>= 1.2.0)
    capybara-screenshot (1.0.13)
      capybara (>= 1.0, < 3)
      launchy
    cells (4.1.2)
      tilt (>= 1.4, < 3)
      uber (>= 0.0.9)
    cells-erb (0.0.8)
      cells (~> 4.0)
      erbse (>= 0.0.2)
    cells-rails (0.0.6)
      actionpack (>= 3.0)
      cells (>= 4.1)
    childprocess (0.5.9)
      ffi (~> 1.0, >= 1.0.11)
    climate_control (0.0.3)
      activesupport (>= 3.0)
    cliver (0.3.2)
    cocaine (0.5.8)
      climate_control (>= 0.0.3, < 1.0)
    codecov (0.1.4)
      json
      simplecov
      url
    coderay (1.1.1)
    coercible (1.0.0)
      descendants_tracker (~> 0.0.1)
    color-tools (1.3.0)
    concurrent-ruby (1.0.2)
    crack (0.4.3)
      safe_yaml (~> 1.0.0)
    crowdin-api (0.4.1)
      rest-client (~> 1.8)
    cucumber (1.3.20)
      builder (>= 2.1.2)
      diff-lcs (>= 1.1.3)
      gherkin (~> 2.12)
      multi_json (>= 1.7.5, < 2.0)
      multi_test (>= 0.1.2)
    cucumber-rails (1.4.3)
      capybara (>= 1.1.2, < 3)
      cucumber (>= 1.3.8, < 3)
      mime-types (>= 1.16, < 4)
      nokogiri (~> 1.5)
      railties (>= 3, < 5)
    daemons (1.2.3)
    dalli (2.7.6)
    database_cleaner (1.5.1)
    date_validator (0.9.0)
      activemodel
      activesupport
    debug_inspector (0.0.2)
    delayed_job (4.1.1)
      activesupport (>= 3.0, < 5.0)
    delayed_job_active_record (4.1.0)
      activerecord (>= 3.0, < 5)
      delayed_job (>= 3.0, < 5)
    descendants_tracker (0.0.4)
      thread_safe (~> 0.3, >= 0.3.1)
    diff-lcs (1.2.5)
    disposable (0.0.9)
      representable (~> 2.0)
      uber
    docile (1.1.5)
      unf (>= 0.0.5, < 1.0.0)
    domain_name (0.5.20160615)
      unf (>= 0.0.5, < 1.0.0)
    equalizer (0.0.11)
    equivalent-xml (0.6.0)
      nokogiri (>= 1.4.3)
    erbse (0.0.2)
    erubis (2.7.0)
    eventmachine (1.2.0.1)
    excon (0.48.0)
    execjs (2.6.0)
    factory_girl (4.5.0)
      activesupport (>= 3.0.0)
    factory_girl_rails (4.6.0)
      factory_girl (~> 4.5.0)
      railties (>= 3.0.0)
    faker (1.6.3)
      i18n (~> 0.5)
    ffi (1.9.10)
    fog-aws (0.9.1)
      fog-core (~> 1.27)
      fog-json (~> 1.0)
      fog-xml (~> 0.1)
      ipaddress (~> 0.8)
    fog-core (1.36.0)
      builder
      excon (~> 0.45)
      formatador (~> 0.2)
    fog-json (1.0.2)
      fog-core (~> 1.0)
      multi_json (~> 1.10)
    fog-xml (0.1.2)
      fog-core
      nokogiri (~> 1.5, >= 1.5.11)
    formatador (0.2.5)
    friendly_id (5.1.0)
      activerecord (>= 4.0.0)
    fuubar (2.0.0)
      rspec (~> 3.0)
      ruby-progressbar (~> 1.4)
    gherkin (2.12.2)
      multi_json (~> 1.3)
    globalid (0.3.7)
      activesupport (>= 4.1.0)
    globalize (5.0.1)
      activemodel (>= 4.2.0, < 4.3)
      activerecord (>= 4.2.0, < 4.3)
    gon (4.1.1)
      actionpack (>= 2.3.0)
      json
    grape (0.10.1)
      activesupport
      builder
      hashie (>= 2.1.0)
      multi_json (>= 1.3.2)
      multi_xml (>= 0.5.2)
      rack (>= 1.3.0)
      rack-accept
      rack-mount
      virtus (>= 1.0.0)
    grape-cache_control (1.0.1)
      grape (~> 0.3)
    gravatar_image_tag (1.2.0)
    hashdiff (0.3.0)
    hashie (3.4.3)
    health_check (1.5.1)
      rails (>= 2.3.0)
    htmldiff (0.0.1)
    http-cookie (1.0.2)
      domain_name (~> 0.5)
    i18n (0.7.0)
    i18n-js (3.0.0.rc13)
      i18n (~> 0.6, >= 0.6.6)
    ice_nine (0.11.2)
    interception (0.5)
    ipaddress (0.8.3)
    iso8601 (0.9.0)
    json (1.8.3)
    json_spec (1.1.4)
      multi_json (~> 1.0)
      rspec (>= 2.0, < 4.0)
    kgio (2.10.0)
    launchy (2.4.3)
      addressable (~> 2.3)
    letter_opener (1.4.1)
      launchy (~> 2.2)
    livingstyleguide (2.0.0.pre.1)
      minisyntax (>= 0.2.5)
      redcarpet
      sass
      thor
      tilt
    loofah (2.0.3)
      nokogiri (>= 1.5.9)
    mail (2.6.4)
      mime-types (>= 1.16, < 4)
    method_source (0.8.2)
    mime-types (2.99.2)
    mini_portile2 (2.1.0)
    minisyntax (0.2.5)
    minitest (5.9.0)
    mixlib-shellout (2.1.0)
    multi_json (1.11.3)
    multi_test (0.1.2)
    multi_xml (0.5.5)
    mysql2 (0.4.3)
    net-ldap (0.14.0)
    netrc (0.11.0)
    newrelic_rpm (3.15.0.314)
    nokogiri (1.6.8)
      mini_portile2 (~> 2.1.0)
      pkg-config (~> 1.1.7)
    oj (2.14.6)
    parallel (1.6.2)
    parallel_tests (2.4.1)
      parallel
    parser (2.3.0.6)
      ast (~> 2.2)
    passenger (5.0.26)
      rack
      rake (>= 0.8.1)
    pdf-core (0.6.1)
    pg (0.18.4)
    pkg-config (1.1.7)
    poltergeist (1.9.0)
      capybara (~> 2.1)
      cliver (~> 0.3.1)
      multi_json (~> 1.0)
      websocket-driver (>= 0.2.0)
    powerpack (0.1.1)
    prawn (2.1.0)
      pdf-core (~> 0.6.1)
      ttfunk (~> 1.4.0)
    prawn-table (0.2.2)
      prawn (>= 1.3.0, < 3.0.0)
    pry (0.10.3)
      coderay (~> 1.1.0)
      method_source (~> 0.8.1)
      slop (~> 3.4)
    pry-byebug (3.3.0)
      byebug (~> 8.0)
      pry (~> 0.10)
    pry-doc (0.8.0)
      pry (~> 0.9)
      yard (~> 0.8)
    pry-rails (0.3.4)
      pry (>= 0.9.10)
    pry-rescue (1.4.2)
      interception (>= 0.5)
      pry
    pry-stack_explorer (0.4.9.2)
      binding_of_caller (>= 0.7)
      pry (>= 0.9.11)
    quiet_assets (1.1.0)
      railties (>= 3.1, < 5.0)
    rabl (0.9.3)
      activesupport (>= 2.3.14)
    rack (1.6.4)
    rack-accept (0.4.5)
      rack (>= 0.4)
    rack-attack (4.4.1)
      rack
    rack-mount (0.8.3)
      rack (>= 1.0.0)
    rack-test (0.6.3)
      rack (>= 1.0)
    rack_session_access (0.1.1)
      builder (>= 2.0.0)
      rack (>= 1.0.0)
    rails (4.2.7.1)
      actionmailer (= 4.2.7.1)
      actionpack (= 4.2.7.1)
      actionview (= 4.2.7.1)
      activejob (= 4.2.7.1)
      activemodel (= 4.2.7.1)
      activerecord (= 4.2.7.1)
      activesupport (= 4.2.7.1)
      bundler (>= 1.3.0, < 2.0)
      railties (= 4.2.7.1)
      sprockets-rails
    rails-deprecated_sanitizer (1.0.3)
      activesupport (>= 4.2.0.alpha)
    rails-dom-testing (1.0.7)
      activesupport (>= 4.2.0.beta, < 5.0)
      nokogiri (~> 1.6.0)
      rails-deprecated_sanitizer (>= 1.0.1)
    rails-html-sanitizer (1.0.3)
      loofah (~> 2.0)
    rails-observers (0.1.2)
      activemodel (~> 4.0)
    rails_12factor (0.0.3)
      rails_serve_static_assets
      rails_stdout_logging
    rails_autolink (1.1.6)
      rails (> 3.1)
    rails_serve_static_assets (0.0.5)
    rails_stdout_logging (0.0.5)
    railties (4.2.7.1)
      actionpack (= 4.2.7.1)
      activesupport (= 4.2.7.1)
      rake (>= 0.8.7)
      thor (>= 0.18.1, < 2.0)
    rainbow (2.1.0)
    raindrops (0.16.0)
    rake (11.2.2)
    rdoc (4.2.2)
      json (~> 1.4)
    redcarpet (3.3.4)
    reform (1.2.6)
      activemodel
      disposable (~> 0.0.5)
      representable (~> 2.1.0)
      uber (~> 0.0.11)
    representable (2.1.8)
      multi_json
      nokogiri
      uber (~> 0.0.7)
    request_store (1.3.0)
    responders (2.1.1)
      railties (>= 4.2.0, < 5.1)
    rest-client (1.8.0)
      http-cookie (>= 1.0.2, < 2.0)
      mime-types (>= 1.16, < 3.0)
      netrc (~> 0.7)
    roar (1.0.1)
      representable (>= 2.0.1, <= 3.0.0)
    rspec (3.4.0)
      rspec-core (~> 3.4.0)
      rspec-expectations (~> 3.4.0)
      rspec-mocks (~> 3.4.0)
    rspec-core (3.4.4)
      rspec-support (~> 3.4.0)
    rspec-expectations (3.4.0)
      diff-lcs (>= 1.2.0, < 2.0)
      rspec-support (~> 3.4.0)
    rspec-legacy_formatters (1.0.1)
      rspec (~> 3.0)
    rspec-mocks (3.4.1)
      diff-lcs (>= 1.2.0, < 2.0)
      rspec-support (~> 3.4.0)
    rspec-rails (3.4.2)
      actionpack (>= 3.0, < 4.3)
      activesupport (>= 3.0, < 4.3)
      railties (>= 3.0, < 4.3)
      rspec-core (~> 3.4.0)
      rspec-expectations (~> 3.4.0)
      rspec-mocks (~> 3.4.0)
      rspec-support (~> 3.4.0)
    rspec-support (3.4.1)
    rubocop (0.38.0)
      parser (>= 2.3.0.6, < 3.0)
      powerpack (~> 0.1)
      rainbow (>= 1.99.1, < 3.0)
      ruby-progressbar (~> 1.7)
      unicode-display_width (~> 1.0, >= 1.0.1)
    ruby-duration (3.2.3)
      activesupport (>= 3.0.0)
      i18n
      iso8601
    ruby-prof (0.15.9)
    ruby-progressbar (1.7.5)
    rubytree (0.9.7)
      json (~> 1.8)
      structured_warnings (~> 0.2)
    rubyzip (1.1.7)
    safe_yaml (1.0.4)
    sass (3.4.21)
    sass-rails (5.0.4)
      railties (>= 4.0.0, < 5.0)
      sass (~> 3.1)
      sprockets (>= 2.8, < 4.0)
      sprockets-rails (>= 2.0, < 4.0)
      tilt (>= 1.1, < 3)
    selenium-webdriver (2.53.4)
      childprocess (~> 0.5)
      rubyzip (~> 1.0)
      websocket (~> 1.0)
    shoulda-context (1.2.1)
    shoulda-matchers (3.1.1)
      activesupport (>= 4.0.0)
    simplecov (0.11.2)
      docile (~> 1.1.0)
      json (~> 1.8)
      simplecov-html (~> 0.10.0)
    simplecov-html (0.10.0)
    slop (3.6.0)
    sprockets (3.5.2)
      concurrent-ruby (~> 1.0)
      rack (> 1, < 3)
    sprockets-rails (3.1.1)
      actionpack (>= 4.0)
      activesupport (>= 4.0)
      sprockets (>= 3.0.0)
    sqlite3 (1.3.11)
    stringex (2.6.1)
    structured_warnings (0.2.0)
    syck (1.0.5)
    sys-filesystem (1.1.5)
      ffi
    thin (1.7.0)
      daemons (~> 1.0, >= 1.0.9)
      eventmachine (~> 1.0, >= 1.0.4)
      rack (>= 1, < 3)
    thor (0.19.1)
    thread_safe (0.3.5)
    tilt (2.0.2)
    timecop (0.8.0)
    ttfunk (1.4.0)
    tzinfo (1.2.2)
      thread_safe (~> 0.1)
    tzinfo-data (1.2016.1)
      tzinfo (>= 1.0.0)
    uber (0.0.15)
    unf (0.1.4)
      unf_ext
    unf_ext (0.0.7.2)
    unicode-display_width (1.0.2)
    unicorn (5.0.1)
      kgio (~> 2.6)
      rack
      raindrops (~> 0.7)
    url (0.3.2)
    virtus (1.0.5)
      axiom-types (~> 0.1)
      coercible (~> 1.0)
      descendants_tracker (~> 0.0, >= 0.0.3)
      equalizer (~> 0.0, >= 0.0.9)
    warden (1.2.6)
      rack (>= 1.0)
    warden-basic_auth (0.2.1)
      warden (~> 1.2)
    webmock (1.24.2)
      addressable (>= 2.3.6)
      crack (>= 0.3.2)
      hashdiff
    websocket (1.2.3)
    websocket-driver (0.6.3)
      websocket-extensions (>= 0.1.0)
    websocket-extensions (0.1.2)
    will_paginate (3.1.0)
    xpath (2.0.0)
      nokogiri (~> 1.3)
    yard (0.8.7.6)

PLATFORMS
  ruby

DEPENDENCIES
  actionpack-action_caching
  actionpack-xml_parser
  activerecord-jdbcmysql-adapter
  activerecord-jdbcpostgresql-adapter
  activerecord-session_store
  activerecord-tableless (~> 1.0)
  acts_as_list (~> 0.7.2)
  airbrake (~> 5.1.0)
  autoprefixer-rails
  awesome_nested_set!
  bourbon (~> 4.2.0)
  capybara (~> 2.6.2)
  capybara-ng (~> 0.2.2)
  capybara-screenshot (~> 1.0.12)
  capybara-select2!
  carrierwave!
  cells-erb (~> 0.0.8)
  cells-rails (~> 0.0.6)
  cocaine
  codecov
  coderay (~> 1.1.0)
  color-tools (~> 1.3.0)
  cucumber (~> 1.3.19)
  cucumber-rails (~> 1.4.2)
  daemons
  dalli (~> 2.7.6)
  database_cleaner (~> 1.5.1)
  date_validator (~> 0.9.0)
  delayed_job_active_record (~> 4.1.0)
  equivalent-xml (~> 0.6)
  factory_girl (~> 4.5)
  factory_girl_rails (~> 4.6)
  faker
  fog-aws
  friendly_id (~> 5.1.0)
  fuubar
  globalize (~> 5.0.1)
  gon (~> 4.0)
  grape (~> 0.10.1)
  grape-cache_control (~> 1.0.1)
  gravatar_image_tag (~> 1.2.0)
  health_check
  htmldiff
  i18n-js (>= 3.0.0.rc13)
  jruby-openssl
  json_spec
  launchy
  letter_opener
  livingstyleguide (~> 2.0.0.pre.1)
  multi_json (~> 1.11.0)
  mysql2 (~> 0.4)
  net-ldap (~> 0.14.0)
  newrelic_rpm
  nokogiri (~> 1.6.8)
  oj (~> 2.14.6)
  omniauth!
  openproject-translations!
  parallel_tests (~> 2.4.1)
  passenger
  pg (~> 0.18.4)
  poltergeist
  prawn (~> 2.1)
  prawn-table (~> 0.2.2)
  prototype-rails!
  prototype_legacy_helper (= 0.0.0)!
  pry-byebug
  pry-doc
  pry-rails
  pry-rescue
  pry-stack_explorer
  quiet_assets
  rabl (= 0.9.3)
  rack-attack
  rack-protection!
  rack-test (~> 0.6.2)
  rack_session_access
  rails (~> 4.2.7, >= 4.2.7.1)
  rails-angular-xss!
  rails-observers
  rails_12factor
  rails_autolink (~> 1.1.6)
  rdoc (>= 2.4.2)
  reform (~> 1.2.6)
  request_store (~> 1.3.0)
  responders (~> 2.0)
  roar (~> 1.0.0)
  rspec (~> 3.4.0)
  rspec-activemodel-mocks (~> 1.0.3)!
  rspec-example_disabler!
  rspec-legacy_formatters
  rspec-rails (~> 3.4.2)
  rubocop
  ruby-duration (~> 3.2.0)
  ruby-prof
  ruby-progressbar
  rubytree (~> 0.9.7)
  sass (~> 3.4.12)
  sass-rails (~> 5.0.3)
  selenium-webdriver (~> 2.53.4)
  shoulda-context (~> 1.2)
  shoulda-matchers (~> 3.1)
  simplecov
  sprockets (~> 3.5.2)
  sqlite3
  stringex (~> 2.6.1)
  svg-graph!
  syck (~> 1.0.5)
  sys-filesystem (~> 1.1.4)
  thin (~> 1.7.0)
  timecop (~> 0.8)
  transactional_lock!
  tzinfo-data
  unicorn
  warden (~> 1.2)
  warden-basic_auth (~> 0.2.1)
  webmock (~> 1.24.2)
  will_paginate (~> 3.1)

BUNDLED WITH
   1.12.5
